PATH
  remote: .
  specs:
    osheet (1.0.0.rc.4)
      enumeration (~> 1.3)

GEM
  remote: http://rubygems.org/
  specs:
    ansi (1.4.2)
    assert (0.7.3)
      assert-view (~> 0.5)
    assert-view (0.5.0)
      ansi (~> 1.3)
      undies (~> 2.0)
    enumeration (1.3.1)
    rake (0.9.2.2)
    undies (2.2.1)

PLATFORMS
  ruby

DEPENDENCIES
  assert (~> 0.3)
  bundler (~> 1.1)
  osheet!
  rake (~> 0.9.2)
