PATH
  remote: .
  specs:
    osheet (0.2.0)
      enumeration (~> 1.1.0)
      xmlss (~> 0.1.0)

GEM
  remote: http://rubygems.org/
  specs:
    enumeration (1.1.0)
    json (1.5.1)
    kelredd-useful (0.4.1)
      json
    leftright (0.9.0)
    nokogiri (1.4.4)
    shoulda (2.11.3)
    test-belt (0.2.1)
      kelredd-useful (~> 0.4.0)
      leftright (~> 0.9.0)
      shoulda (~> 2.11)
    xmlss (0.1.0)
      enumeration (~> 1.1.0)
      nokogiri (~> 1.4.0)

PLATFORMS
  ruby

DEPENDENCIES
  bundler (~> 1.0)
  enumeration (~> 1.1.0)
  osheet!
  test-belt (= 0.2.1)
  xmlss (~> 0.1.0)
