PATH
  remote: .
  specs:
    osheet (0.10.0)
      enumeration (~> 1.3)
      xmlss (~> 0.4)

GEM
  remote: http://rubygems.org/
  specs:
    ansi (1.4.1)
    assert (0.7.3)
      assert-view (~> 0.5)
    assert-view (0.5.0)
      ansi (~> 1.3)
      undies (~> 2.0)
    enumeration (1.3.1)
    rake (0.9.2.2)
    ruby-prof (0.10.8)
    undies (2.1.0)
    xmlss (0.4.0)
      enumeration (~> 1.3)
      undies (~> 2.1)

PLATFORMS
  ruby

DEPENDENCIES
  assert (~> 0.3)
  bundler (~> 1.0)
  osheet!
  rake (~> 0.9.2)
  ruby-prof
