PATH
  remote: ../../..
  specs:
    osheet (0.7.0)
      enumeration (~> 1.1.0)
      xmlss (~> 0.2.0)

GEM
  remote: http://rubygems.org/
  specs:
    actionmailer (2.3.11)
      actionpack (= 2.3.11)
    actionpack (2.3.11)
      activesupport (= 2.3.11)
      rack (~> 1.1.0)
    activerecord (2.3.11)
      activesupport (= 2.3.11)
    activeresource (2.3.11)
      activesupport (= 2.3.11)
    activesupport (2.3.11)
    enumeration (1.1.0)
    nokogiri (1.4.4)
    rack (1.1.2)
    rails (2.3.11)
      actionmailer (= 2.3.11)
      actionpack (= 2.3.11)
      activerecord (= 2.3.11)
      activeresource (= 2.3.11)
      activesupport (= 2.3.11)
      rake (>= 0.8.3)
    rake (0.8.7)
    sqlite3 (1.3.3)
    sqlite3-ruby (1.3.3)
      sqlite3 (>= 1.3.3)
    xmlss (0.2.0)
      enumeration (~> 1.1.0)
      nokogiri (~> 1.4.0)

PLATFORMS
  ruby

DEPENDENCIES
  osheet!
  rails (= 2.3.11)
  sqlite3-ruby
